GIT
  remote: https://github.com/jutonz/cuesnap.git
  revision: 4f55f603e315641c7e39ca3365a014eab600c570
  branch: progress
  specs:
    cuesnap (1.2.5)
      hashie (~> 1.2.0)
      methadone (~> 1.2.1)
      open4 (~> 1.3.0)
      rubycue (~> 0.1.0)

PATH
  remote: .
  specs:
    splitter (0.0.1)
      gli (= 2.13.1)

GEM
  remote: https://rubygems.org/
  specs:
    CFPropertyList (2.2.8)
    ansi (1.5.0)
    aruba (0.6.2)
      childprocess (>= 0.3.6)
      cucumber (>= 1.1.1)
      rspec-expectations (>= 2.7.0)
    builder (3.2.2)
    childprocess (0.5.6)
      ffi (~> 1.0, >= 1.0.11)
    cucumber (2.0.0)
      builder (>= 2.1.2)
      cucumber-core (~> 1.1.3)
      diff-lcs (>= 1.1.3)
      gherkin (~> 2.12)
      multi_json (>= 1.7.5, < 2.0)
      multi_test (>= 0.1.2)
    cucumber-core (1.1.3)
      gherkin (~> 2.12.0)
    diff-lcs (1.2.5)
    docile (1.1.5)
    facter (2.4.4)
      CFPropertyList (~> 2.2.6)
    ffi (1.9.8)
    gherkin (2.12.2)
      multi_json (~> 1.3)
    gli (2.13.1)
    hashie (1.2.0)
    json (1.8.2)
    methadone (1.2.6)
      bundler
    minitest (5.7.0)
    minitest-reporters (1.0.16)
      ansi
      builder
      minitest (>= 5.0)
      ruby-progressbar
    multi_json (1.11.0)
    multi_test (0.1.2)
    open4 (1.3.4)
    rake (10.4.2)
    rdoc (4.2.0)
    rspec-expectations (3.2.1)
      diff-lcs (>= 1.2.0, < 2.0)
      rspec-support (~> 3.2.0)
    rspec-support (3.2.2)
    ruby-progressbar (1.7.5)
    rubycue (0.1.0)
    simplecov (0.10.0)
      docile (~> 1.1.0)
      json (~> 1.8)
      simplecov-html (~> 0.10.0)
    simplecov-html (0.10.0)
    taglib-ruby (0.7.0)
    when_was (0.2.0)

PLATFORMS
  ruby

DEPENDENCIES
  aruba
  cuesnap!
  facter
  minitest
  minitest-reporters
  rake
  rdoc
  ruby-progressbar
  rubycue
  simplecov
  splitter!
  taglib-ruby
  when_was
